GEM
  remote: http://rubygems.org/
  specs:
    actionmailer (2.3.8)
      actionpack (= 2.3.8)
    actionpack (2.3.8)
      activesupport (= 2.3.8)
      rack (~> 1.1.0)
    activerecord (2.3.8)
      activesupport (= 2.3.8)
    activeresource (2.3.8)
      activesupport (= 2.3.8)
    activesupport (2.3.8)
    authlogic (2.1.2)
      activesupport
    builder (3.0.0)
    marc (0.3.0)
    nokogiri (1.4.4)
    pg (0.10.0)
    rack (1.1.0)
    rails (2.3.8)
      actionmailer (= 2.3.8)
      actionpack (= 2.3.8)
      activerecord (= 2.3.8)
      activeresource (= 2.3.8)
      activesupport (= 2.3.8)
      rake (>= 0.8.3)
    rake (0.8.7)
    rsolr (0.12.1)
      builder (>= 2.1.2)
    rsolr-ext (0.12.1)
      rsolr (>= 0.12.1)
    sax-machine (0.0.16)
      nokogiri (> 0.0.0)
    sqlite3-ruby (1.3.2)
    unicode (0.4.0)
    will_paginate (2.3.11)

PLATFORMS
  ruby

DEPENDENCIES
  authlogic (= 2.1.2)
  marc (= 0.3.0)
  nokogiri
  pg (= 0.10.0)
  rails (= 2.3.8)
  rsolr (= 0.12.1)
  rsolr-ext (= 0.12.1)
  sax-machine
  sqlite3-ruby
  unicode
  will_paginate (= 2.3.11)
