GIT
  remote: git://github.com/anarchivist/dfxml.git
  revision: ed0fa4b3d8d8264cedb5739a3081a2a6416ede1b
  specs:
    dfxml (0.0.0)
      fastercsv
      nokogiri (~> 1.5.0)
      sax-machine

GEM
  remote: http://rubygems.org/
  specs:
    actionmailer (2.3.14)
      actionpack (= 2.3.14)
    actionpack (2.3.14)
      activesupport (= 2.3.14)
      rack (~> 1.1.0)
    activerecord (2.3.14)
      activesupport (= 2.3.14)
    activeresource (2.3.14)
      activesupport (= 2.3.14)
    activesupport (2.3.14)
    authlogic (2.1.2)
      activesupport
    builder (3.0.0)
    curb (0.8.0)
    fastercsv (1.5.4)
    marc (0.3.0)
    nokogiri (1.5.2)
    rack (1.1.3)
    rails (2.3.14)
      actionmailer (= 2.3.14)
      actionpack (= 2.3.14)
      activerecord (= 2.3.14)
      activeresource (= 2.3.14)
      activesupport (= 2.3.14)
      rake (>= 0.8.3)
    rake (0.9.2.2)
    rsolr (0.12.1)
      builder (>= 2.1.2)
    rsolr-ext (0.12.1)
      rsolr (>= 0.12.1)
    sax-machine (0.1.0)
      nokogiri (> 0.0.0)
    sqlite3 (1.3.5)
    sqlite3-ruby (1.3.3)
      sqlite3 (>= 1.3.3)
    unicode (0.4.2)
    will_paginate (2.3.11)

PLATFORMS
  ruby

DEPENDENCIES
  authlogic (= 2.1.2)
  curb
  dfxml!
  marc (= 0.3.0)
  nokogiri
  rails (= 2.3.14)
  rsolr (= 0.12.1)
  rsolr-ext (= 0.12.1)
  sax-machine
  sqlite3-ruby
  unicode
  will_paginate (= 2.3.11)
